PATH
  remote: .
  specs:
    angleddeck-cli (1.0.0)
      activesupport (~> 4.2)
      aws-sdk (~> 2.2)
      httpclient (~> 2.7)
      thor (~> 0.19)

GEM
  remote: https://rubygems.org/
  specs:
    activesupport (4.2.5)
      i18n (~> 0.7)
      json (~> 1.7, >= 1.7.7)
      minitest (~> 5.1)
      thread_safe (~> 0.3, >= 0.3.4)
      tzinfo (~> 1.1)
    aws-sdk (2.2.9)
      aws-sdk-resources (= 2.2.9)
    aws-sdk-core (2.2.9)
      jmespath (~> 1.0)
    aws-sdk-resources (2.2.9)
      aws-sdk-core (= 2.2.9)
    httpclient (2.7.1)
    i18n (0.7.0)
    jmespath (1.1.3)
    json (1.8.3)
    minitest (5.8.3)
    rake (10.4.2)
    thor (0.19.1)
    thread_safe (0.3.5)
    tzinfo (1.2.2)
      thread_safe (~> 0.1)

PLATFORMS
  ruby

DEPENDENCIES
  angleddeck-cli!
  bundler (~> 1.6)
  minitest (~> 5.8)
  rake (~> 10.0)

BUNDLED WITH
   1.11.2
